GEM
  remote: https://rubygems.org/
  specs:
    openssl-oaep (0.1.0)

PLATFORMS
  arm64-darwin-21

DEPENDENCIES
  openssl-oaep

BUNDLED WITH
   2.3.7
